PATH
  remote: .
  specs:
    stunted (0.0.1)
      hamster

GEM
  remote: http://rubygems.org/
  specs:
    assert2 (0.5.5)
    git (1.2.5)
    hamster (0.4.2)
    jeweler (1.6.4)
      bundler (~> 1.0)
      git (>= 1.2.5)
      rake
    rake (0.9.2.2)
    rcov (0.9.11)
    shoulda (2.11.3)

PLATFORMS
  ruby

DEPENDENCIES
  assert2
  bundler (~> 1.0.0)
  jeweler (~> 1.6.4)
  rcov
  shoulda
  stunted!
